GIT
  remote: git://github.com/clearsightstudio/ProMotion.git
  revision: e3caf0d260bee84373526f8cbd670e9e8f5cd6df
  specs:
    ProMotion (2.0.0.rc4)
      methadone (~> 1.4)

GEM
  remote: https://rubygems.org/
  specs:
    activesupport (3.2.17)
      i18n (~> 0.6, >= 0.6.4)
      multi_json (~> 1.0)
    bubble-wrap (1.5.0)
    builder (3.2.2)
    cdq (0.1.8)
      motion-yaml
      ruby-xcdm (~> 0.0, >= 0.0.6)
    claide (0.5.0)
    cocoapods (0.32.1)
      activesupport (>= 3.2.15, < 4)
      claide (~> 0.5.0)
      cocoapods-core (= 0.32.1)
      cocoapods-downloader (~> 0.5.0)
      cocoapods-try (~> 0.2.0)
      colored (~> 1.2)
      escape (~> 0.0.4)
      json_pure (~> 1.8)
      nap (~> 0.7)
      open4 (~> 1.3)
      xcodeproj (~> 0.16.1)
    cocoapods-core (0.32.1)
      activesupport (>= 3.2.15, < 4)
      fuzzy_match (~> 2.0.4)
      json_pure (~> 1.8)
      nap (~> 0.5)
    cocoapods-downloader (0.5.0)
    cocoapods-try (0.2.0)
    colored (1.2)
    dbt (1.1.5)
    escape (0.0.4)
    fuzzy_match (2.0.4)
    i18n (0.6.9)
    json_pure (1.8.1)
    methadone (1.4.0)
      bundler
    motion-cocoapods (1.4.1)
      cocoapods (>= 0.32.1)
    motion-kit (0.10.9)
      dbt (~> 1.1.5)
    motion-yaml (1.2)
    multi_json (1.9.3)
    nap (0.7.0)
    open4 (1.3.3)
    plist (3.1.0)
    rake (10.3.2)
    ruby-xcdm (0.0.7)
      activesupport (~> 3.2)
      builder (~> 3.2)
      plist (~> 3.1)
    sugarcube (1.7.0)
    xcodeproj (0.16.1)
      activesupport (~> 3.0)
      colored (~> 1.2)

PLATFORMS
  ruby

DEPENDENCIES
  ProMotion!
  bubble-wrap
  cdq
  motion-cocoapods
  motion-kit (~> 0.10)
  rake
  ruby-xcdm
  sugarcube
